PATH
  remote: .
  specs:
    rb2exe (0.1.11)

GEM
  remote: https://rubygems.org/
  specs:
    rake (10.4.2)
    sudo (0.1.1)

PLATFORMS
  ruby

DEPENDENCIES
  bundler (~> 1.12)
  rake (~> 10.0)
  rb2exe!
  sudo (~> 0.1)

BUNDLED WITH
   1.12.5
